GEM
  remote: https://rubygems.org/
  specs:
    nokogiri (1.13.8-aarch64-linux)
      racc (~> 1.4)
    racc (1.6.0)

PLATFORMS
  aarch64-linux

DEPENDENCIES
  nokogiri

BUNDLED WITH
   2.2.22
